PATH
  remote: .
  specs:
    umap (0.1.0)
      rice (~> 4.0)

GEM
  remote: https://rubygems.org/
  specs:
    ast (2.4.2)
    parallel (1.21.0)
    parser (3.1.0.0)
      ast (~> 2.4.1)
    power_assert (2.0.1)
    rainbow (3.1.1)
    rake (13.0.6)
    rake-compiler (1.1.9)
      rake
    regexp_parser (2.2.0)
    rexml (3.2.5)
    rice (4.0.3)
    rubocop (1.25.0)
      parallel (~> 1.10)
      parser (>= 3.1.0.0)
      rainbow (>= 2.2.2, < 4.0)
      regexp_parser (>= 1.8, < 3.0)
      rexml
      rubocop-ast (>= 1.15.1, < 2.0)
      ruby-progressbar (~> 1.7)
      unicode-display_width (>= 1.4.0, < 3.0)
    rubocop-ast (1.15.1)
      parser (>= 3.0.1.1)
    ruby-progressbar (1.11.0)
    test-unit (3.5.3)
      power_assert
    unicode-display_width (2.1.0)

PLATFORMS
  x86_64-linux

DEPENDENCIES
  rake (~> 13.0)
  rake-compiler
  rubocop (~> 1.21)
  test-unit (~> 3.0)
  umap!

BUNDLED WITH
   2.3.5
